GEM
  remote: https://rubygems.org/
  specs:
    Ascii85 (2.0.1)
    addressable (2.8.7)
      public_suffix (>= 2.0.2, < 7.0)
    afm (1.0.0)
    ast (2.4.3)
    async (2.34.0)
      console (~> 1.29)
      fiber-annotation
      io-event (~> 1.11)
      metrics (~> 0.12)
      traces (~> 0.18)
    base64 (0.3.0)
    bigdecimal (3.3.1)
    colorator (1.1.0)
    concurrent-ruby (1.3.5)
    console (1.34.1)
      fiber-annotation
      fiber-local (~> 1.1)
      json
    csv (3.3.5)
    date (3.4.1)
    em-websocket (0.5.3)
      eventmachine (>= 0.12.9)
      http_parser.rb (~> 0)
    ethon (0.17.0)
      ffi (>= 1.15.0)
    event_stream_parser (1.0.0)
    eventmachine (1.2.7)
    faraday (2.14.0)
      faraday-net_http (>= 2.0, < 3.5)
      json
      logger
    faraday-multipart (1.1.1)
      multipart-post (~> 2.0)
    faraday-net_http (3.4.1)
      net-http (>= 0.5.0)
    fastimage (2.4.0)
    ffi (1.17.2-aarch64-linux-gnu)
    ffi (1.17.2-arm-linux-gnu)
    ffi (1.17.2-arm64-darwin)
    ffi (1.17.2-x64-mingw-ucrt)
    ffi (1.17.2-x86_64-darwin)
    ffi (1.17.2-x86_64-linux-gnu)
    ffi (1.17.2-x86_64-linux-musl)
    fiber-annotation (0.2.0)
    fiber-local (1.1.0)
      fiber-storage
    fiber-storage (1.0.1)
    forwardable-extended (2.6.0)
    google-protobuf (4.32.1)
      bigdecimal
      rake (>= 13)
    google-protobuf (4.32.1-aarch64-linux-gnu)
      bigdecimal
      rake (>= 13)
    google-protobuf (4.32.1-arm64-darwin)
      bigdecimal
      rake (>= 13)
    google-protobuf (4.32.1-x64-mingw-ucrt)
      bigdecimal
      rake (>= 13)
    google-protobuf (4.32.1-x86_64-darwin)
      bigdecimal
      rake (>= 13)
    google-protobuf (4.32.1-x86_64-linux-gnu)
      bigdecimal
      rake (>= 13)
    google-protobuf (4.32.1-x86_64-linux-musl)
      bigdecimal
      rake (>= 13)
    hashery (2.1.2)
    html-proofer (5.0.10)
      addressable (~> 2.3)
      async (~> 2.1)
      nokogiri (~> 1.13)
      pdf-reader (~> 2.11)
      rainbow (~> 3.0)
      typhoeus (~> 1.3)
      yell (~> 2.0)
      zeitwerk (~> 2.5)
    http_parser.rb (0.8.0)
    humanize (3.1.0)
    i18n (1.14.7)
      concurrent-ruby (~> 1.0)
    io-event (1.14.0)
    iri (0.11.2)
    iso-639 (0.3.8)
      csv
    jekyll (4.4.1)
      addressable (~> 2.4)
      base64 (~> 0.2)
      colorator (~> 1.0)
      csv (~> 3.0)
      em-websocket (~> 0.5)
      i18n (~> 1.0)
      jekyll-sass-converter (>= 2.0, < 4.0)
      jekyll-watch (~> 2.0)
      json (~> 2.6)
      kramdown (~> 2.3, >= 2.3.1)
      kramdown-parser-gfm (~> 1.0)
      liquid (~> 4.0)
      mercenary (~> 0.3, >= 0.3.6)
      pathutil (~> 0.9)
      rouge (>= 3.0, < 5.0)
      safe_yaml (~> 1.0)
      terminal-table (>= 1.8, < 4.0)
      webrick (~> 1.7)
    jekyll-bits (0.15)
      fastimage
    jekyll-chatgpt-translate (0.1.0)
      humanize (>= 2)
      iri
      iso-639
      jekyll (>= 3)
      json (>= 2)
      redcarpet (>= 3)
      ruby-openai (>= 5)
      tiktoken_ruby (>= 0.0.6)
    jekyll-feed (0.17.0)
      jekyll (>= 3.7, < 5.0)
    jekyll-gist (1.5.0)
      octokit (~> 4.2)
    jekyll-git-hash (0.1.1)
      jekyll (>= 3.9.2)
    jekyll-paginate (1.1.0)
    jekyll-plantuml (1.4.2)
      jekyll (> 2.0)
    jekyll-redirect-from (0.16.0)
      jekyll (>= 3.3, < 5.0)
    jekyll-sass (1.1.0)
      jekyll (>= 0.10.0)
      sass (>= 3.0.0)
    jekyll-sass-converter (3.1.0)
      sass-embedded (~> 1.75)
    jekyll-shorts (0.0.10)
      jekyll (>= 3)
    jekyll-sitemap (1.4.0)
      jekyll (>= 3.7, < 5.0)
    jekyll-watch (2.2.1)
      listen (~> 3.0)
    jgd (1.14.0)
      jekyll (>= 1)
      trollop (>= 2)
    json (2.15.1)
    kramdown (2.5.1)
      rexml (>= 3.3.9)
    kramdown-parser-gfm (1.1.0)
      kramdown (~> 2.0)
    language_server-protocol (3.17.0.5)
    lint_roller (1.1.0)
    liquid (4.0.4)
    listen (3.9.0)
      rb-fsevent (~> 0.10, >= 0.10.3)
      rb-inotify (~> 0.9, >= 0.9.10)
    logger (1.7.0)
    mail (2.9.0)
      logger
      mini_mime (>= 0.1.1)
      net-imap
      net-pop
      net-smtp
    mercenary (0.4.0)
    metrics (0.15.0)
    mini_mime (1.1.5)
    multipart-post (2.4.1)
    net-http (0.6.0)
      uri
    net-imap (0.5.12)
      date
      net-protocol
    net-pop (0.1.2)
      net-protocol
    net-protocol (0.2.2)
      timeout
    net-smtp (0.5.1)
      net-protocol
    nokogiri (1.18.10-aarch64-linux-gnu)
      racc (~> 1.4)
    nokogiri (1.18.10-arm-linux-gnu)
      racc (~> 1.4)
    nokogiri (1.18.10-arm64-darwin)
      racc (~> 1.4)
    nokogiri (1.18.10-x64-mingw-ucrt)
      racc (~> 1.4)
    nokogiri (1.18.10-x86_64-darwin)
      racc (~> 1.4)
    nokogiri (1.18.10-x86_64-linux-gnu)
      racc (~> 1.4)
    nokogiri (1.18.10-x86_64-linux-musl)
      racc (~> 1.4)
    nuggets (1.6.1)
    octokit (4.25.1)
      faraday (>= 1, < 3)
      sawyer (~> 0.9)
    parallel (1.27.0)
    parser (3.3.9.0)
      ast (~> 2.4.1)
      racc
    pathutil (0.16.2)
      forwardable-extended (~> 2.6)
    pdf-reader (2.15.0)
      Ascii85 (>= 1.0, < 3.0, != 2.0.0)
      afm (>= 0.2.1, < 2)
      hashery (~> 2.0)
      ruby-rc4
      ttfunk
    prism (1.5.2)
    public_suffix (6.0.2)
    pygments.rb (4.0.0)
    racc (1.8.1)
    rainbow (3.1.1)
    rake (13.3.0)
    rake-compiler-dock (1.9.1)
    rb-fsevent (0.11.2)
    rb-inotify (0.11.1)
      ffi (~> 1.0)
    rb_sys (0.9.117)
      rake-compiler-dock (= 1.9.1)
    redcarpet (3.6.1)
    regexp_parser (2.11.3)
    rexml (3.4.4)
    rouge (4.6.1)
    rss (0.3.1)
      rexml
    rubocop (1.81.6)
      json (~> 2.3)
      language_server-protocol (~> 3.17.0.2)
      lint_roller (~> 1.1.0)
      parallel (~> 1.10)
      parser (>= 3.3.0.2)
      rainbow (>= 2.2.2, < 4.0)
      regexp_parser (>= 2.9.3, < 3.0)
      rubocop-ast (>= 1.47.1, < 2.0)
      ruby-progressbar (~> 1.7)
      unicode-display_width (>= 2.4.0, < 4.0)
    rubocop-ast (1.47.1)
      parser (>= 3.3.7.2)
      prism (~> 1.4)
    rubocop-minitest (0.38.2)
      lint_roller (~> 1.1)
      rubocop (>= 1.75.0, < 2.0)
      rubocop-ast (>= 1.38.0, < 2.0)
    rubocop-performance (1.26.1)
      lint_roller (~> 1.1)
      rubocop (>= 1.75.0, < 2.0)
      rubocop-ast (>= 1.47.1, < 2.0)
    rubocop-rake (0.7.1)
      lint_roller (~> 1.1)
      rubocop (>= 1.72.1)
    ruby-openai (8.3.0)
      event_stream_parser (>= 0.3.0, < 2.0.0)
      faraday (>= 1)
      faraday-multipart (>= 1)
    ruby-progressbar (1.13.0)
    ruby-rc4 (0.1.5)
    safe_yaml (1.0.5)
    sass (3.7.4)
      sass-listen (~> 4.0.0)
    sass-embedded (1.93.2-aarch64-linux-gnu)
      google-protobuf (~> 4.31)
    sass-embedded (1.93.2-arm-linux-gnueabihf)
      google-protobuf (~> 4.31)
    sass-embedded (1.93.2-arm64-darwin)
      google-protobuf (~> 4.31)
    sass-embedded (1.93.2-x64-mingw-ucrt)
      google-protobuf (~> 4.31)
    sass-embedded (1.93.2-x86_64-darwin)
      google-protobuf (~> 4.31)
    sass-embedded (1.93.2-x86_64-linux-gnu)
      google-protobuf (~> 4.31)
    sass-embedded (1.93.2-x86_64-linux-musl)
      google-protobuf (~> 4.31)
    sass-listen (4.0.0)
      rb-fsevent (~> 0.9, >= 0.9.4)
      rb-inotify (~> 0.9, >= 0.9.7)
    sawyer (0.9.2)
      addressable (>= 2.3.5)
      faraday (>= 0.17.3, < 3)
    scss_lint (0.60.0)
      sass (~> 3.5, >= 3.5.5)
    terminal-table (3.0.2)
      unicode-display_width (>= 1.1.1, < 3)
    tiktoken_ruby (0.0.12)
      rb_sys (~> 0.9)
    tiktoken_ruby (0.0.12-aarch64-linux)
    tiktoken_ruby (0.0.12-arm64-darwin)
    tiktoken_ruby (0.0.12-x64-mingw-ucrt)
    tiktoken_ruby (0.0.12-x86_64-darwin)
    tiktoken_ruby (0.0.12-x86_64-linux)
    tiktoken_ruby (0.0.12-x86_64-linux-musl)
    timeout (0.4.3)
    traces (0.18.2)
    trollop (2.9.10)
    ttfunk (1.8.0)
      bigdecimal (~> 3.1)
    typhoeus (1.4.1)
      ethon (>= 0.9.0)
    unicode-display_width (2.6.0)
    uri (1.0.4)
    uuidtools (3.0.0)
    w3c_validators (1.3.7)
      json (>= 1.8)
      nokogiri (~> 1.6)
      rexml (~> 3.2)
    webrick (1.9.1)
    yell (2.2.2)
    zeitwerk (2.7.3)

PLATFORMS
  aarch64-linux
  arm-linux
  arm64-darwin
  arm64-darwin-23
  x64-mingw-ucrt
  x86_64-darwin
  x86_64-linux
  x86_64-linux-musl

DEPENDENCIES
  fastimage (~> 2.4)
  html-proofer (~> 5.0)
  jekyll (~> 4.3)
  jekyll-bits (~> 0.15)
  jekyll-chatgpt-translate (~> 0.0)
  jekyll-feed (~> 0.17)
  jekyll-gist (~> 1.5)
  jekyll-git-hash (~> 0.1)
  jekyll-paginate (~> 1.1)
  jekyll-plantuml (~> 1.4)
  jekyll-redirect-from (~> 0.16)
  jekyll-sass (~> 1.1)
  jekyll-sass-converter (~> 3.0)
  jekyll-shorts (~> 0.0)
  jekyll-sitemap (~> 1.4)
  jgd (~> 1.14)
  kramdown (~> 2.5)
  liquid (~> 4.0)
  mail (~> 2.8)
  nokogiri (~> 1.18)
  nuggets (~> 1.6)
  pygments.rb (~> 4.0)
  rainbow (~> 3.1)
  rake (~> 13.2)
  redcarpet (~> 3.6)
  rss (~> 0.3)
  rubocop (~> 1.75)
  rubocop-minitest (~> 0.0)
  rubocop-performance (~> 1.25)
  rubocop-rake (~> 0.0)
  sass (~> 3.7)
  scss_lint (~> 0.60)
  trollop (~> 2.9)
  uuidtools (~> 3.0)
  w3c_validators (~> 1.3)

BUNDLED WITH
   2.5.16
